PATH
  remote: .
  specs:
    nurby (0.5.1)

GEM
  remote: https://rubygems.org/
  specs:

PLATFORMS
  ruby

DEPENDENCIES
  bundler (>= 1.15)
  nurby!

BUNDLED WITH
   1.15.4
