PATH
  remote: .
  specs:
    nurby (0.5.1)
      shikashi (~> 0.6.0)

GEM
  remote: https://rubygems.org/
  specs:
    evalhook (0.6.0)
      partialruby (~> 0.3)
      sexp_processor (~> 4.0)
    getsource (0.2.2)
    partialruby (0.3.0)
      ruby2ruby (~> 2)
      ruby_parser (~> 3)
    ruby2ruby (2.4.0)
      ruby_parser (~> 3.1)
      sexp_processor (~> 4.6)
    ruby_parser (3.10.1)
      sexp_processor (~> 4.9)
    sexp_processor (4.10.0)
    shikashi (0.6.0)
      evalhook (>= 0.6.0)
      getsource (>= 0.1.0)

PLATFORMS
  ruby

DEPENDENCIES
  bundler (>= 1.15)
  nurby!

BUNDLED WITH
   1.15.4
